GEM
  remote: https://rubygems.org/
  specs:
    colorize (0.8.1)
    httmultiparty (0.3.16)
      httparty (>= 0.7.3)
      mimemagic
      multipart-post
    httparty (0.16.4)
      mime-types (~> 3.0)
      multi_xml (>= 0.5.2)
    json (2.1.0)
    mime-types (3.2.2)
      mime-types-data (~> 3.2015)
    mime-types-data (3.2018.0812)
    mimemagic (0.3.3)
    multi_xml (0.6.0)
    multipart-post (2.0.0)
    ocr_space (2.3.7)
      colorize
      httmultiparty
      httparty
      json

PLATFORMS
  x86-mingw32

DEPENDENCIES
  ocr_space

BUNDLED WITH
   2.0.1
